GIT
  remote: git://github.com/ch1c0t/livescript_sprockets.git
  revision: 1cce1ee22b3d4b5889b4d6b8715dc614ff5f744f
  specs:
    livescript_sprockets (1.0.1)
      execjs
      livescript
      tilt

GEM
  remote: https://rubygems.org/
  specs:
    dotenv (0.7.0)
    execjs (2.0.2)
    foreman (0.67.0)
      dotenv (~> 0.7.0)
      thor (~> 0.17.0)
    hike (1.2.3)
    livescript (2.2.0)
      execjs
      livescript-source
    livescript-source (1.2.0)
    multi_json (1.9.3)
    rack (1.5.2)
    rack-protection (1.5.3)
      rack
    redis (3.0.7)
    sass (3.3.7)
    sinatra (1.4.5)
      rack (~> 1.4)
      rack-protection (~> 1.4)
      tilt (~> 1.3, >= 1.3.4)
    slim (2.0.2)
      temple (~> 0.6.6)
      tilt (>= 1.3.3, < 2.1)
    sprockets (2.12.1)
      hike (~> 1.2)
      multi_json (~> 1.0)
      rack (~> 1.0)
      tilt (~> 1.1, != 1.3.0)
    temple (0.6.7)
    thor (0.17.0)
    tilt (1.4.1)

PLATFORMS
  ruby

DEPENDENCIES
  foreman
  livescript_sprockets!
  redis
  sass
  sinatra
  slim
  sprockets (~> 2.12)
